GEM
  remote: https://rubygems.org/
  specs:
    builder (3.2.2)
    ethon (0.7.1)
      ffi (>= 1.3.0)
    ffi (1.9.5)
    httparty (0.13.1)
      json (~> 1.8)
      multi_xml (>= 0.5.2)
    json (1.8.1)
    jwt (1.0.0)
    multi_json (1.10.1)
    multi_xml (0.5.5)
    pokegem (0.0.2)
    rack (1.5.2)
    rack-protection (1.5.3)
      rack
    sinatra (1.4.5)
      rack (~> 1.4)
      rack-protection (~> 1.4)
      tilt (~> 1.3, >= 1.3.4)
    tilt (1.4.1)
    twilio-ruby (3.13.1)
      builder (>= 2.1.2)
      jwt (~> 1.0.0)
      multi_json (>= 1.3.0)
    typhoeus (0.6.9)
      ethon (>= 0.7.1)

PLATFORMS
  ruby

DEPENDENCIES
  httparty (= 0.13.1)
  pokegem
  sinatra (= 1.4.5)
  twilio-ruby (= 3.13.1)
  typhoeus
